GEM
  remote: https://rubygems.org/
  specs:
    commander (4.3.5)
      highline (~> 1.7.2)
    highline (1.7.6)
    minitest (4.3.2)
    sass (3.4.18)
    sassunit (1.0.0)
      commander
      minitest
      sass

PLATFORMS
  ruby

DEPENDENCIES
  sass (~> 3.3)
  sassunit (= 1.0.0)

BUNDLED WITH
   1.10.6
